PATH
  remote: .
  specs:
    deadline (0.1.0)
      activesupport (~> 3.0.0)
      curses
      i18n
      ruby-growl
      terminal-notifier (~> 1.4)

GEM
  remote: https://rubygems.org/
  specs:
    activesupport (3.0.20)
    curses (1.0.1)
    diff-lcs (1.2.5)
    i18n (0.6.11)
    macaddr (1.7.1)
      systemu (~> 2.6.2)
    rake (10.3.2)
    rspec (3.1.0)
      rspec-core (~> 3.1.0)
      rspec-expectations (~> 3.1.0)
      rspec-mocks (~> 3.1.0)
    rspec-core (3.1.7)
      rspec-support (~> 3.1.0)
    rspec-expectations (3.1.2)
      diff-lcs (>= 1.2.0, < 2.0)
      rspec-support (~> 3.1.0)
    rspec-mocks (3.1.3)
      rspec-support (~> 3.1.0)
    rspec-support (3.1.2)
    ruby-growl (4.1)
      uuid (~> 2.3, >= 2.3.5)
    systemu (2.6.4)
    terminal-notifier (1.6.1)
    uuid (2.3.7)
      macaddr (~> 1.0)

PLATFORMS
  ruby

DEPENDENCIES
  bundler (~> 1.3)
  deadline!
  rake
  rspec
